GEM
  remote: http://rubygems.org/
  specs:
    awesome_print (0.2.1)
    bond (0.2.2)
    hirb (0.3.2)
    looksee (0.2.1)
    map_by_method (0.8.3)
    net-http-spy (0.2.1)
    sketches (0.1.1)
    what_methods (1.0.1)
    wirble (0.1.3)

PLATFORMS
  ruby

DEPENDENCIES
  awesome_print
  bond
  hirb
  looksee
  map_by_method
  net-http-spy
  sketches
  what_methods
  wirble
